GEM
  remote: https://rubygems.org/
  specs:
    posix-spawn (0.3.8)
    pygments.rb (0.5.4)
      posix-spawn (~> 0.3.6)
      yajl-ruby (~> 1.1.0)
    rb-appscript (0.6.1)
    redcarpet (3.1.2)
    taglib-ruby (0.6.0)
    yajl-ruby (1.1.0)

PLATFORMS
  ruby

DEPENDENCIES
  pygments.rb
  rb-appscript
  redcarpet
  taglib-ruby
