GEM
  remote: https://rubygems.org/
  specs:
    dotenv (1.0.2)
    hashie (2.1.2)
    httmultiparty (0.3.16)
      httparty (>= 0.7.3)
      mimemagic
      multipart-post
    httparty (0.13.3)
      json (~> 1.8)
      multi_xml (>= 0.5.2)
    json (1.8.3)
    mimemagic (0.2.1)
    multi_xml (0.5.5)
    multipart-post (2.0.0)
    rb-scpt (1.0.1)
    soundcloud (0.3.2)
      hashie (~> 2.0)
      httmultiparty (~> 0.3.0)
    taglib-ruby (0.7.0)

PLATFORMS
  ruby

DEPENDENCIES
  dotenv
  rb-scpt
  soundcloud
  taglib-ruby

BUNDLED WITH
   1.13.6
