GEM
  remote: https://rubygems.org/
  specs:
    dotenv (1.0.2)
    hashie (2.1.2)
    httmultiparty (0.3.16)
      httparty (>= 0.7.3)
      mimemagic
      multipart-post
    httparty (0.13.3)
      json (~> 1.8)
      multi_xml (>= 0.5.2)
    json (1.8.1)
    mimemagic (0.2.1)
    multi_xml (0.5.5)
    multipart-post (2.0.0)
    posix-spawn (0.3.9)
    pygments.rb (0.6.0)
      posix-spawn (~> 0.3.6)
      yajl-ruby (~> 1.1.0)
    rb-appscript (0.6.1)
    redcarpet (3.2.0)
    soundcloud (0.3.2)
      hashie (~> 2.0)
      httmultiparty (~> 0.3.0)
    taglib-ruby (0.7.0)
    yajl-ruby (1.1.0)

PLATFORMS
  ruby

DEPENDENCIES
  dotenv
  pygments.rb
  rb-appscript
  redcarpet
  soundcloud
  taglib-ruby
