GEM
  remote: https://rubygems.org/
  specs:
    rb-appscript (0.6.1)
    taglib-ruby (0.6.0)

PLATFORMS
  ruby

DEPENDENCIES
  rb-appscript
  taglib-ruby
